GEM
  remote: https://rubygems.org/
  specs:
    byebug (10.0.2)
    pg (1.1.3)

PLATFORMS
  ruby

DEPENDENCIES
  byebug
  pg

BUNDLED WITH
   1.16.5
